GEM
  remote: http://rubygems.org/
  specs:
    cinch (2.0.10)
    dotenv (0.9.0)
    foreman (0.63.0)
      dotenv (>= 0.7)
      thor (>= 0.13.6)
    parseconfig (1.0.2)
    sequel (4.2.0)
    sqlite3 (1.3.8)
    thor (0.18.1)

PLATFORMS
  ruby

DEPENDENCIES
  cinch
  foreman
  parseconfig
  sequel
  sqlite3
