GEM
  remote: http://rubygems.org/
  specs:
    cinch (2.0.10)
    sequel (4.2.0)
    sqlite3 (1.3.8)

PLATFORMS
  ruby

DEPENDENCIES
  cinch
  sequel
  sqlite3
